GEM
  remote: https://rubygems.org/
  specs:
    json (1.7.7)
    rake (10.0.4)
    rdoc (4.0.1)
      json (~> 1.4)
    ruby_mapscript (0.3.0)
    test-unit (2.5.4)

PLATFORMS
  ruby

DEPENDENCIES
  rake
  rdoc
  ruby_mapscript
  test-unit
